GEM
  remote: https://rubygems.org/
  specs:
    imgkit (1.4.0)

PLATFORMS
  ruby

DEPENDENCIES
  imgkit
